GIT
  remote: git://github.com/cheald/request_profiler.git
  revision: 1ddb93c8712b1baebc0c028463f7723781877584
  specs:
    request_profiler (0.0.2)
      ruby-prof

GIT
  remote: https://github.com/depili/websocket-rails.git
  revision: 4c2ae6e90ec98228e7af0e7553cfb6946686ba89
  branch: channel_token_fix
  specs:
    websocket-rails (0.7.0)
      em-synchrony
      faye-websocket
      hiredis
      rack
      rails
      redis
      redis-objects
      thin

GEM
  remote: https://rubygems.org/
  specs:
    actionmailer (4.1.8)
      actionpack (= 4.1.8)
      actionview (= 4.1.8)
      mail (~> 2.5, >= 2.5.4)
    actionpack (4.1.8)
      actionview (= 4.1.8)
      activesupport (= 4.1.8)
      rack (~> 1.5.2)
      rack-test (~> 0.6.2)
    actionview (4.1.8)
      activesupport (= 4.1.8)
      builder (~> 3.1)
      erubis (~> 2.7.0)
    activemodel (4.1.8)
      activesupport (= 4.1.8)
      builder (~> 3.1)
    activerecord (4.1.8)
      activemodel (= 4.1.8)
      activesupport (= 4.1.8)
      arel (~> 5.0.0)
    activesupport (4.1.8)
      i18n (~> 0.6, >= 0.6.9)
      json (~> 1.7, >= 1.7.7)
      minitest (~> 5.1)
      thread_safe (~> 0.1)
      tzinfo (~> 1.1)
    ansi (1.4.3)
    arel (5.0.1.20140414130214)
    autoprefixer-rails (5.1.7)
      execjs
      json
    bcrypt (3.1.9)
    bootstrap-navbar (2.2.3)
      gem_config (~> 0.3)
    bootstrap-sass (3.3.3)
      autoprefixer-rails (>= 5.0.0.1)
      sass (>= 3.2.19)
    bootstrap_form (2.3.0)
    builder (3.2.2)
    cashier (0.4.1)
    choice (0.1.7)
    coffee-rails (4.0.1)
      coffee-script (>= 2.2.0)
      railties (>= 4.0.0, < 5.0)
    coffee-script (2.3.0)
      coffee-script-source
      execjs
    coffee-script-source (1.8.0)
    colorize (0.7.5)
    daemon (1.2.0)
    daemons (1.1.9)
    dalli (2.7.2)
    delayed_job (4.0.6)
      activesupport (>= 3.0, < 5.0)
    delayed_job_active_record (4.0.3)
      activerecord (>= 3.0, < 5.0)
      delayed_job (>= 3.0, < 4.1)
    docile (1.1.5)
    dynamic_form (1.1.4)
    em-synchrony (1.0.3)
      eventmachine (>= 1.0.0.beta.1)
    erubis (2.7.0)
    eventmachine (1.0.4)
    execjs (2.4.0)
    faye-websocket (0.9.2)
      eventmachine (>= 0.12.0)
      websocket-driver (>= 0.5.1)
    ffi (1.9.3)
    font-awesome-sass (4.2.2)
      sass (~> 3.2)
    gem_config (0.3.1)
    highline (1.6.21)
    hike (1.2.3)
    hiredis (0.5.2)
    i18n (0.7.0)
    jbuilder (2.2.6)
      activesupport (>= 3.0.0, < 5)
      multi_json (~> 1.2)
    jquery-rails (3.1.2)
      railties (>= 3.0, < 5.0)
      thor (>= 0.14, < 2.0)
    jquery-ui-rails (5.0.3)
      railties (>= 3.2.16)
    json (1.8.2)
    libv8 (3.16.14.7)
    lograge (0.3.0)
      actionpack (>= 3)
      activesupport (>= 3)
      railties (>= 3)
    mail (2.6.3)
      mime-types (>= 1.16, < 3)
    mime-types (2.4.3)
    mini_portile (0.6.2)
    minitest (5.5.1)
    minitest-reporters (1.0.8)
      ansi
      builder
      minitest (>= 5.0)
      ruby-progressbar
    multi_json (1.11.0)
    nokogiri (1.6.6.2)
      mini_portile (~> 0.6.0)
    pg (0.18.1)
    rack (1.5.2)
    rack-rewrite (1.2.1)
    rack-test (0.6.3)
      rack (>= 1.0)
    rails (4.1.8)
      actionmailer (= 4.1.8)
      actionpack (= 4.1.8)
      actionview (= 4.1.8)
      activemodel (= 4.1.8)
      activerecord (= 4.1.8)
      activesupport (= 4.1.8)
      bundler (>= 1.3.0, < 2.0)
      railties (= 4.1.8)
      sprockets-rails (~> 2.0)
    rails-erd (1.1.0)
      activerecord (>= 3.0)
      activesupport (>= 3.0)
      choice (~> 0.1.6)
      ruby-graphviz (~> 1.0.4)
    rails_bootstrap_navbar (2.0.1)
      bootstrap-navbar (~> 2.0)
      rails (>= 3.0.0)
    railties (4.1.8)
      actionpack (= 4.1.8)
      activesupport (= 4.1.8)
      rake (>= 0.8.7)
      thor (>= 0.18.1, < 2.0)
    rake (10.4.2)
    ranked-model (0.4.0)
      activerecord (>= 3.1.12)
    rdoc (4.2.0)
      json (~> 1.4)
    redis (3.2.0)
    redis-objects (1.0.1)
      redis (>= 3.0.2)
    ref (1.0.5)
    rrd-ffi (0.2.14)
      activesupport
      ffi
    ruby-graphviz (1.0.9)
    ruby-prof (0.15.2)
    ruby-progressbar (1.7.1)
    rubyzip (1.1.6)
    sass (3.4.13)
    sass-rails (5.0.1)
      railties (>= 4.0.0, < 5.0)
      sass (~> 3.1)
      sprockets (>= 2.8, < 4.0)
      sprockets-rails (>= 2.0, < 4.0)
      tilt (~> 1.1)
    sdoc (0.4.1)
      json (~> 1.7, >= 1.7.7)
      rdoc (~> 4.0)
    simplecov (0.9.1)
      docile (~> 1.1.0)
      multi_json (~> 1.0)
      simplecov-html (~> 0.8.0)
    simplecov-html (0.8.0)
    slim (3.0.1)
      temple (~> 0.7.3)
      tilt (>= 1.3.3, < 2.1)
    slim-rails (3.0.1)
      actionmailer (>= 3.1, < 5.0)
      actionpack (>= 3.1, < 5.0)
      activesupport (>= 3.1, < 5.0)
      railties (>= 3.1, < 5.0)
      slim (~> 3.0)
    spring (1.2.0)
    sprockets (2.12.3)
      hike (~> 1.2)
      multi_json (~> 1.0)
      rack (~> 1.0)
      tilt (~> 1.1, != 1.3.0)
    sprockets-rails (2.2.4)
      actionpack (>= 3.0)
      activesupport (>= 3.0)
      sprockets (>= 2.8, < 4.0)
    temple (0.7.4)
    test_after_commit (0.4.0)
      activerecord (>= 3.2)
    therubyracer (0.12.1)
      libv8 (~> 3.16.14.0)
      ref
    thin (1.6.3)
      daemons (~> 1.0, >= 1.0.9)
      eventmachine (~> 1.0)
      rack (~> 1.0)
    thor (0.19.1)
    thread_safe (0.3.4)
    tilt (1.4.1)
    time_diff (0.2.2)
      activesupport
      i18n
    turbolinks (2.5.3)
      coffee-rails
    tzinfo (1.2.2)
      thread_safe (~> 0.1)
    uglifier (2.6.0)
      execjs (>= 0.3.0)
      json (>= 1.8.0)
    websocket-driver (0.5.1)
      websocket-extensions (>= 0.1.0)
    websocket-extensions (0.1.1)

PLATFORMS
  ruby

DEPENDENCIES
  bcrypt (~> 3.1.7)
  bootstrap-sass (~> 3.3.3)
  bootstrap_form
  cashier
  coffee-rails (~> 4.0.0)
  colorize
  daemon
  daemons
  dalli
  delayed_job_active_record
  dynamic_form
  font-awesome-sass
  highline
  jbuilder (~> 2.0)
  jquery-rails
  jquery-ui-rails
  lograge
  minitest-reporters
  nokogiri
  pg (~> 0.18.1)
  rack-rewrite (~> 1.2.1)
  rails (~> 4.1.8)
  rails-erd
  rails_bootstrap_navbar
  ranked-model
  request_profiler!
  rrd-ffi
  ruby-prof
  rubyzip
  sass-rails (~> 5.0.1)
  sdoc (~> 0.4.0)
  simplecov
  slim
  slim-rails
  spring
  test_after_commit
  therubyracer
  thin
  time_diff (~> 0.2.2)
  turbolinks
  uglifier (>= 1.3.0)
  websocket-rails!
